GEM
  remote: https://rubygems.org/
  specs:
    rack (2.0.5)

PLATFORMS
  ruby

DEPENDENCIES
  rack (~> 2.0.1)

BUNDLED WITH
   1.16.1
